GIT
  remote: git://github.com/lazywei/colorbox-rails.git
  revision: 5da6054d501d141e7e9f6bf723ce1cbb2b822a74
  specs:
    colorbox-rails (0.0.14)
      jquery-rails
      rails (>= 3.1.1)

GIT
  remote: git://github.com/lulalala/spork-rails.git
  revision: 8c1ca27280446a3598cdeaf295c43d2f280afa8f
  specs:
    spork-rails (3.2.1)
      rails (>= 3.0.0, < 3.3.0)
      spork (>= 1.0.0rc0)

GIT
  remote: git://github.com/lulalala/taiwanese_news_parser.git
  revision: fccbc791113af1ef1351498674a460a102501cda
  specs:
    taiwanese_news_parser (0.0.3)
      addressable (~> 2.0)
      json
      memoist (~> 0.9)
      nokogiri (~> 1.5)

GIT
  remote: git://github.com/lulalala/unobtrusive_flash.git
  revision: 0f91d05db49363832c3e42e208edc16d025b544a
  specs:
    unobtrusive_flash (0.0.2)

GEM
  remote: https://rubygems.org/
  specs:
    actionmailer (3.2.16)
      actionpack (= 3.2.16)
      mail (~> 2.5.4)
    actionpack (3.2.16)
      activemodel (= 3.2.16)
      activesupport (= 3.2.16)
      builder (~> 3.0.0)
      erubis (~> 2.7.0)
      journey (~> 1.0.4)
      rack (~> 1.4.5)
      rack-cache (~> 1.2)
      rack-test (~> 0.6.1)
      sprockets (~> 2.2.1)
    activemodel (3.2.16)
      activesupport (= 3.2.16)
      builder (~> 3.0.0)
    activerecord (3.2.16)
      activemodel (= 3.2.16)
      activesupport (= 3.2.16)
      arel (~> 3.0.2)
      tzinfo (~> 0.3.29)
    activeresource (3.2.16)
      activemodel (= 3.2.16)
      activesupport (= 3.2.16)
    activesupport (3.2.16)
      i18n (~> 0.6, >= 0.6.4)
      multi_json (~> 1.0)
    acts-as-taggable-on (2.4.0)
      rails (~> 3.0)
    addressable (2.3.6)
    after_commit_action (0.1.3)
      activerecord (>= 3.0.0)
    anjlab-bootstrap-rails (2.3.1.1)
      railties (>= 3.0)
      sass (>= 3.2)
    annotate (2.5.0)
      rake
    arel (3.0.3)
    atomic (1.1.14)
    auto_html (1.6.0)
      redcarpet (~> 2.0)
      rinku (~> 1.5.0)
    bcrypt-ruby (3.1.2)
    better_errors (0.8.0)
      coderay (>= 1.0.0)
      erubis (>= 2.6.6)
    bootstrap-sass (2.3.2.2)
      sass (~> 3.2)
    bootstrap_helper (2.0.0.3)
      railties (~> 3.0)
      thor (~> 0.14)
      will_paginate (>= 3.0.3)
    bourne (1.4.0)
      mocha (~> 0.13.2)
    builder (3.0.4)
    cancan (1.6.9)
    capybara (1.1.4)
      mime-types (>= 1.16)
      nokogiri (>= 1.3.3)
      rack (>= 1.0.0)
      rack-test (>= 0.5.4)
      selenium-webdriver (~> 2.0)
      xpath (~> 0.1.4)
    cells (3.8.8)
      actionpack (>= 3.0)
      railties (>= 3.0)
    childprocess (0.3.9)
      ffi (~> 1.0, >= 1.0.11)
    chunky_png (1.2.8)
    coderay (1.0.9)
    coffee-rails (3.2.2)
      coffee-script (>= 2.2.0)
      railties (~> 3.2.0)
    coffee-script (2.2.0)
      coffee-script-source
      execjs
    coffee-script-source (1.6.2)
    compass (0.12.2)
      chunky_png (~> 1.2)
      fssm (>= 0.2.7)
      sass (~> 3.1)
    compass-rails (1.0.3)
      compass (>= 0.12.2, < 0.14)
    counter_culture (0.1.12)
      after_commit_action (~> 0.1.3)
    dalli (2.6.2)
    devise (3.1.0)
      bcrypt-ruby (~> 3.0)
      orm_adapter (~> 0.1)
      railties (>= 3.2.6, < 5)
      thread_safe (~> 0.1)
      warden (~> 1.2.3)
    devise-i18n (0.8.6)
    devise-i18n-views (0.2.8)
    devise_browserid_authenticatable (1.3.2)
      devise (>= 2.1)
    diff-lcs (1.2.4)
    em-websocket (0.5.0)
      eventmachine (>= 0.12.9)
      http_parser.rb (~> 0.5.3)
    erubis (2.7.0)
    eventmachine (1.0.3)
    execjs (1.4.0)
      multi_json (~> 1.0)
    factory_girl (4.2.0)
      activesupport (>= 3.0.0)
    factory_girl_rails (4.2.1)
      factory_girl (~> 4.2.0)
      railties (>= 3.0.0)
    faraday (0.8.8)
      multipart-post (~> 1.2.0)
    ffi (1.7.0)
    font-awesome-rails (3.2.1.3)
      railties (>= 3.2, < 5.0)
    formatador (0.2.4)
    fssm (0.2.10)
    gistyle (0.9.5)
    growl (1.0.3)
    guard (1.8.0)
      formatador (>= 0.2.4)
      listen (>= 1.0.0)
      lumberjack (>= 1.0.2)
      pry (>= 0.9.10)
      thor (>= 0.14.6)
    guard-annotate (1.0.0)
      annotate (>= 2.4.0)
      guard (>= 0.2.2)
    guard-livereload (1.1.3)
      em-websocket (>= 0.2.0)
      guard (>= 1.5.0)
      multi_json (~> 1.0)
    guard-rspec (3.0.2)
      guard (>= 1.8)
      rspec (~> 2.13)
    guard-spork (1.5.0)
      childprocess (>= 0.2.3)
      guard (>= 1.1)
      spork (>= 0.8.4)
    haml (4.0.3)
      tilt
    hashie (2.0.5)
    high_voltage (1.2.2)
    hike (1.2.3)
    http_parser.rb (0.5.3)
    httpauth (0.2.0)
    i18n (0.7.0)
    journey (1.0.4)
    jquery-rails (3.0.4)
      railties (>= 3.0, < 5.0)
      thor (>= 0.14, < 2.0)
    jquery-ui-rails (3.0.1)
      jquery-rails
      railties (>= 3.1.0)
    json (1.8.1)
    jwt (0.1.8)
      multi_json (>= 1.5)
    kaminari (0.14.1)
      actionpack (>= 3.0.0)
      activesupport (>= 3.0.0)
    kaminari-bootstrap (0.1.3)
      kaminari (>= 0.13.0)
      rails
    launchy (2.3.0)
      addressable (~> 2.3)
    letter_opener (1.1.1)
      launchy (~> 2.2)
    listen (1.2.1)
      rb-fsevent (>= 0.9.3)
      rb-inotify (>= 0.9)
      rb-kqueue (>= 0.2)
    lograge (0.2.0)
      actionpack
      activesupport
    lumberjack (1.0.3)
    mail (2.5.4)
      mime-types (~> 1.16)
      treetop (~> 1.4.8)
    memoist (0.11.0)
    meta-tags (1.4.1)
      actionpack
    metaclass (0.0.1)
    method_source (0.8.1)
    mime-types (1.25.1)
    mini_portile (0.6.1)
    mocha (0.13.3)
      metaclass (~> 0.0.1)
    multi_json (1.7.9)
    multi_logger (0.0.1)
      railties
    multipart-post (1.2.0)
    nested_form (0.3.2)
    newrelic_rpm (3.6.9.171)
    nifty-generators (0.4.6)
    nokogiri (1.6.4.1)
      mini_portile (~> 0.6.0)
    oauth2 (0.8.1)
      faraday (~> 0.8)
      httpauth (~> 0.1)
      jwt (~> 0.1.4)
      multi_json (~> 1.0)
      rack (~> 1.2)
    oj (2.0.10)
    omniauth (1.1.4)
      hashie (>= 1.2, < 3)
      rack
    omniauth-facebook (1.5.1)
      omniauth-oauth2 (~> 1.1.0)
    omniauth-oauth2 (1.1.1)
      oauth2 (~> 0.8.0)
      omniauth (~> 1.0)
    orm_adapter (0.4.0)
    polyamorous (0.5.0)
      activerecord (~> 3.0)
    polyglot (0.3.3)
    pry (0.9.12.2)
      coderay (~> 1.0.5)
      method_source (~> 0.8)
      slop (~> 3.4)
    puma (2.11.0)
      rack (>= 1.1, < 2.0)
    quiet_assets (1.0.2)
      railties (>= 3.1, < 5.0)
    rack (1.4.5)
    rack-cache (1.2)
      rack (>= 0.4)
    rack-pjax (0.7.0)
      nokogiri (~> 1.5)
      rack (~> 1.3)
    rack-ssl (1.3.3)
      rack
    rack-test (0.6.2)
      rack (>= 1.0)
    rails (3.2.16)
      actionmailer (= 3.2.16)
      actionpack (= 3.2.16)
      activerecord (= 3.2.16)
      activeresource (= 3.2.16)
      activesupport (= 3.2.16)
      bundler (~> 1.0)
      railties (= 3.2.16)
    rails_admin (0.4.9)
      bootstrap-sass (~> 2.2)
      builder (~> 3.0)
      coffee-rails (>= 3.1, < 5)
      font-awesome-rails (~> 3.0)
      haml (~> 4.0)
      jquery-rails (>= 2.1, < 4)
      jquery-ui-rails (~> 3.0)
      kaminari (~> 0.14)
      nested_form (~> 0.3)
      rack-pjax (~> 0.6)
      rails (~> 3.1)
      remotipart (~> 1.0)
      safe_yaml (~> 0.6)
      sass-rails (~> 3.1)
    railties (3.2.16)
      actionpack (= 3.2.16)
      activesupport (= 3.2.16)
      rack-ssl (~> 1.3.2)
      rake (>= 0.8.7)
      rdoc (~> 3.4)
      thor (>= 0.14.6, < 2.0)
    rake (10.4.2)
    rb-fsevent (0.9.3)
    rb-inotify (0.9.0)
      ffi (>= 0.5.0)
    rb-kqueue (0.2.0)
      ffi (>= 0.5.0)
    rdoc (3.12.2)
      json (~> 1.4)
    redcarpet (2.2.2)
    remotipart (1.2.1)
    rinku (1.5.1)
    rspec (2.13.0)
      rspec-core (~> 2.13.0)
      rspec-expectations (~> 2.13.0)
      rspec-mocks (~> 2.13.0)
    rspec-cells (0.1.7)
      cells (~> 3.4)
      railties (>= 3.0, < 4.1)
      rspec-rails (~> 2.2)
    rspec-core (2.13.1)
    rspec-expectations (2.13.0)
      diff-lcs (>= 1.1.3, < 2.0)
    rspec-mocks (2.13.1)
    rspec-rails (2.13.2)
      actionpack (>= 3.0)
      activesupport (>= 3.0)
      railties (>= 3.0)
      rspec-core (~> 2.13.0)
      rspec-expectations (~> 2.13.0)
      rspec-mocks (~> 2.13.0)
    rubyzip (0.9.9)
    safe_yaml (0.9.7)
    sass (3.2.7)
    sass-rails (3.2.6)
      railties (~> 3.2.0)
      sass (>= 3.1.10)
      tilt (~> 1.3)
    seed-fu (2.2.0)
      activerecord (~> 3.1)
      activesupport (~> 3.1)
    seedbank (0.3.0.pre2)
    selenium-webdriver (2.32.1)
      childprocess (>= 0.2.5)
      multi_json (~> 1.0)
      rubyzip
      websocket (~> 1.0.4)
    settingslogic (2.0.9)
    shoulda-matchers (1.5.6)
      activesupport (>= 3.0.0)
      bourne (~> 1.3)
    simple_form (2.1.0)
      actionpack (~> 3.0)
      activemodel (~> 3.0)
    slop (3.4.5)
    spork (1.0.0rc3)
    sprockets (2.2.2)
      hike (~> 1.2)
      multi_json (~> 1.0)
      rack (~> 1.0)
      tilt (~> 1.1, != 1.3.0)
    sqlite3 (1.3.10)
    squeel (1.0.18)
      activerecord (~> 3.0)
      activesupport (~> 3.0)
      polyamorous (~> 0.5.0)
    thor (0.18.1)
    thread_safe (0.1.3)
      atomic
    tilt (1.4.1)
    treetop (1.4.15)
      polyglot
      polyglot (>= 0.3.1)
    turbo-sprockets-rails3 (0.3.6)
      railties (> 3.2.8, < 4.0.0)
      sprockets (>= 2.0.0)
    tzinfo (0.3.38)
    uglifier (1.3.0)
      execjs (>= 0.3.0)
      multi_json (~> 1.0, >= 1.0.2)
    valid_attribute (1.3.1)
    warden (1.2.3)
      rack (>= 1.0)
    websocket (1.0.7)
    will_paginate (3.0.4)
    xpath (0.1.4)
      nokogiri (~> 1.3)

PLATFORMS
  ruby

DEPENDENCIES
  acts-as-taggable-on
  addressable (~> 2.3.4)
  anjlab-bootstrap-rails
  annotate (~> 2.5.0)
  auto_html (~> 1.6.0)
  better_errors
  bootstrap_helper
  cancan
  capybara (~> 1.1.2)
  cells (~> 3.8.8)
  coffee-rails (~> 3.2.2)
  colorbox-rails!
  compass-rails
  counter_culture (~> 0.1.12)
  dalli (~> 2.6.2)
  devise (~> 3.1.0)
  devise-i18n
  devise-i18n-views
  devise_browserid_authenticatable
  factory_girl_rails (~> 4.2.1)
  gistyle
  growl (~> 1.0.3)
  guard (~> 1.8.0)
  guard-annotate (~> 1.0.0)
  guard-livereload (~> 1.1.3)
  guard-rspec (~> 3.0.2)
  guard-spork (~> 1.5.0)
  high_voltage
  jquery-rails (~> 3.0.4)
  kaminari
  kaminari-bootstrap (~> 0.1.3)
  letter_opener
  lograge (~> 0.2.0)
  meta-tags (~> 1.4.1)
  mocha (~> 0.13.3)
  multi_json (~> 1.7.2)
  multi_logger
  newrelic_rpm
  nifty-generators (~> 0.4.6)
  nokogiri (~> 1.6.0)
  oj (~> 2.0.10)
  omniauth
  omniauth-facebook
  puma
  quiet_assets
  rails (= 3.2.16)
  rails_admin
  rb-fsevent (~> 0.9.3)
  rspec-cells (~> 0.1.7)
  rspec-rails (~> 2.13.2)
  sass-rails (~> 3.2.6)
  seed-fu
  seedbank (~> 0.3.0.pre2)
  settingslogic (~> 2.0.9)
  shoulda-matchers (~> 1.5.4)
  simple_form (~> 2.1.0)
  spork-rails!
  sqlite3 (~> 1.3.10)
  squeel (~> 1.0.18)
  taiwanese_news_parser!
  turbo-sprockets-rails3
  uglifier (~> 1.3.0)
  unobtrusive_flash!
  valid_attribute
